GIT
  remote: git://github.com/sinatra/sinatra.git
  revision: bac3f4f6716ba642e3bbd47997329f38b0f03cf5
  specs:
    sinatra (1.4.0)
      rack (~> 1.4)
      rack-protection (~> 1.3)
      tilt (~> 1.3, >= 1.3.3)

GEM
  remote: http://rubygems.org/
  specs:
    daemons (1.1.9)
    eventmachine (1.0.0)
    gameday_api (0.5.3)
    hpricot (0.8.6)
    multi_json (1.5.0)
    nokogiri (1.5.2)
    pusher (0.11.2)
      multi_json (~> 1.0)
      signature (~> 0.1.6)
    rack (1.5.1)
    rack-protection (1.3.2)
      rack
    signature (0.1.6)
    thin (1.5.0)
      daemons (>= 1.0.9)
      eventmachine (>= 0.12.6)
      rack (>= 1.0.0)
    tilt (1.3.3)

PLATFORMS
  ruby

DEPENDENCIES
  gameday_api
  hpricot
  nokogiri
  pusher
  sinatra!
  thin
